PATH
  remote: .
  specs:
    just-the-recipe (0.8.0)
      dotenv
      nokogiri
      open-uri
      tty-prompt

GEM
  remote: https://rubygems.org/
  specs:
    dotenv (2.7.6)
    nokogiri (1.11.2-x86_64-darwin)
      racc (~> 1.4)
    open-uri (0.1.0)
    pastel (0.8.0)
      tty-color (~> 0.5)
    racc (1.5.2)
    rake (13.0.3)
    tty-color (0.6.0)
    tty-cursor (0.7.1)
    tty-prompt (0.23.0)
      pastel (~> 0.8)
      tty-reader (~> 0.8)
    tty-reader (0.9.0)
      tty-cursor (~> 0.7)
      tty-screen (~> 0.8)
      wisper (~> 2.0)
    tty-screen (0.8.1)
    wisper (2.0.1)

PLATFORMS
  x86_64-darwin-20

DEPENDENCIES
  just-the-recipe!
  rake (~> 13.0)

BUNDLED WITH
   2.2.14
